GEM
  remote: https://rubygems.org/
  specs:
    backports (3.3.1)
    coderay (1.0.9)
    eventmachine (1.0.3)
    method_source (0.8.1)
    pry (0.9.12.2)
      coderay (~> 1.0.5)
      method_source (~> 0.8)
      slop (~> 3.4)
    rack (1.5.2)
    rack-protection (1.5.0)
      rack
    rack-test (0.6.2)
      rack (>= 1.0)
    redcarpet (2.2.2)
    sinatra (1.4.2)
      rack (~> 1.5, >= 1.5.2)
      rack-protection (~> 1.4)
      tilt (~> 1.3, >= 1.3.4)
    sinatra-contrib (1.4.0)
      backports (>= 2.0)
      eventmachine
      rack-protection
      rack-test
      sinatra (~> 1.4.2)
      tilt (~> 1.3)
    sinatra-reloader (1.0)
      sinatra-contrib
    slim (2.0.1)
      temple (~> 0.6.6)
      tilt (>= 1.3.3, < 2.1)
    slop (3.4.5)
    temple (0.6.6)
    tilt (1.4.1)

PLATFORMS
  ruby

DEPENDENCIES
  pry
  redcarpet
  sinatra
  sinatra-reloader
  slim
